GEM
  remote: https://rubygems.org/
  specs:
    diff-lcs (1.2.5)
    facter (2.5.5)
    fast_gettext (1.8.0)
    hiera (3.5.0)
    highline (1.6.20)
    hocon (1.2.5)
    httpclient (2.8.3)
    json (2.3.1)
    librarian (0.1.2)
      highline
      thor (~> 0.15)
    librarian-puppet (0.9.13)
      json
      librarian (>= 0.1.2)
      open3_backport
    locale (2.1.2)
    multi_json (1.13.1)
    net-ssh (2.8.0)
    open3_backport (0.0.3)
      open4 (~> 1.3.0)
    open4 (1.3.2)
    puppet (6.7.2)
      facter (> 2.0.1, < 4)
      fast_gettext (~> 1.1)
      hiera (>= 3.2.1, < 4)
      httpclient (~> 2.8)
      locale (~> 2.1)
      multi_json (~> 1.10)
      puppet-resource_api (~> 1.5)
      semantic_puppet (~> 1.0)
    puppet-lint (0.3.2)
    puppet-resource_api (1.8.6)
      hocon (>= 1.0)
    puppet-syntax (2.5.0)
      rake
    rake (12.3.3)
    rspec (2.14.1)
      rspec-core (~> 2.14.0)
      rspec-expectations (~> 2.14.0)
      rspec-mocks (~> 2.14.0)
    rspec-core (2.14.7)
    rspec-expectations (2.14.5)
      diff-lcs (>= 1.1.3, < 2.0)
    rspec-mocks (2.14.5)
    semantic_puppet (1.0.2)
    serverspec (0.15.2)
      highline
      net-ssh
      rspec (>= 2.13.0)
      specinfra (>= 0.5.6)
    specinfra (0.5.7)
    thor (0.18.1)

PLATFORMS
  ruby

DEPENDENCIES
  librarian-puppet
  puppet (>= 5.3.7)
  puppet-lint
  puppet-syntax (>= 1.1.0)
  rake
  serverspec

BUNDLED WITH
   1.17.3
